PATH
  remote: .
  specs:
    minitest-keyword (1.0.1)
      minitest (~> 5.0)

GEM
  remote: https://rubygems.org/
  specs:
    ast (2.4.2)
    docile (1.4.0)
    minitest (5.15.0)
    parallel (1.22.1)
    parser (3.1.2.0)
      ast (~> 2.4.1)
    rainbow (3.1.1)
    rake (13.0.6)
    regexp_parser (2.5.0)
    rexml (3.2.5)
    rubocop (1.30.0)
      parallel (~> 1.10)
      parser (>= 3.1.0.0)
      rainbow (>= 2.2.2, < 4.0)
      regexp_parser (>= 1.8, < 3.0)
      rexml (>= 3.2.5, < 4.0)
      rubocop-ast (>= 1.18.0, < 2.0)
      ruby-progressbar (~> 1.7)
      unicode-display_width (>= 1.4.0, < 3.0)
    rubocop-ast (1.18.0)
      parser (>= 3.1.1.0)
    ruby-progressbar (1.11.0)
    simplecov (0.21.2)
      docile (~> 1.1)
      simplecov-html (~> 0.11)
      simplecov_json_formatter (~> 0.1)
    simplecov-html (0.12.3)
    simplecov_json_formatter (0.1.3)
    unicode-display_width (2.1.0)

PLATFORMS
  ruby

DEPENDENCIES
  bundler (~> 2.0)
  minitest-keyword!
  rake (~> 13.0)
  rubocop (~> 1.12)
  simplecov (~> 0.17)

BUNDLED WITH
   2.2.15
