PATH
  remote: .
  specs:
    minitest-keyword (1.0.1)
      minitest (~> 5.0)

GEM
  remote: https://rubygems.org/
  specs:
    ast (2.4.2)
    docile (1.4.0)
    json (2.6.3)
    minitest (5.18.0)
    parallel (1.22.1)
    parser (3.2.1.0)
      ast (~> 2.4.1)
    prettier_print (1.2.0)
    rainbow (3.1.1)
    rake (13.0.6)
    regexp_parser (2.7.0)
    rexml (3.2.5)
    rubocop (1.47.0)
      json (~> 2.3)
      parallel (~> 1.10)
      parser (>= 3.2.0.0)
      rainbow (>= 2.2.2, < 4.0)
      regexp_parser (>= 1.8, < 3.0)
      rexml (>= 3.2.5, < 4.0)
      rubocop-ast (>= 1.26.0, < 2.0)
      ruby-progressbar (~> 1.7)
      unicode-display_width (>= 2.4.0, < 3.0)
    rubocop-ast (1.27.0)
      parser (>= 3.2.1.0)
    ruby-progressbar (1.12.0)
    simplecov (0.22.0)
      docile (~> 1.1)
      simplecov-html (~> 0.11)
      simplecov_json_formatter (~> 0.1)
    simplecov-html (0.12.3)
    simplecov_json_formatter (0.1.4)
    syntax_tree (6.0.2)
      prettier_print (>= 1.2.0)
    unicode-display_width (2.4.2)

PLATFORMS
  ruby

DEPENDENCIES
  bundler (~> 2.0)
  minitest-keyword!
  rake (~> 13.0)
  rubocop (~> 1.12)
  simplecov (~> 0.17)
  syntax_tree

BUNDLED WITH
   2.4.1
